GEM
  remote: http://rubygems.org/
  specs:
    chunky_png (1.2.6)
    fssm (0.2.9)
    sass (3.2.1)

PLATFORMS
  ruby

DEPENDENCIES
  sass